GIT
  remote: git://github.com/timcolonel/Ruby-Graphviz.git
  revision: 6d13f9e08c32ee870def13589d84ac551af7c9f2
  specs:
    ruby-graphviz (1.0.9)

GIT
  remote: git://github.com/timcolonel/i18n-active_record.git
  revision: 3cc1e5d43053dfe9dc0d8747304b80f038c6b032
  specs:
    i18n-active_record (0.0.3)
      i18n (>= 0.5.0)

GEM
  remote: https://rubygems.org/
  specs:
    actionmailer (4.0.4)
      actionpack (= 4.0.4)
      mail (~> 2.5.4)
    actionpack (4.0.4)
      activesupport (= 4.0.4)
      builder (~> 3.1.0)
      erubis (~> 2.7.0)
      rack (~> 1.5.2)
      rack-test (~> 0.6.2)
    activemodel (4.0.4)
      activesupport (= 4.0.4)
      builder (~> 3.1.0)
    activerecord (4.0.4)
      activemodel (= 4.0.4)
      activerecord-deprecated_finders (~> 1.0.2)
      activesupport (= 4.0.4)
      arel (~> 4.0.0)
    activerecord-deprecated_finders (1.0.3)
    activesupport (4.0.4)
      i18n (~> 0.6, >= 0.6.9)
      minitest (~> 4.2)
      multi_json (~> 1.3)
      thread_safe (~> 0.1)
      tzinfo (~> 0.3.37)
    animate-rails (1.0.5)
      rails
    ansi (1.4.3)
    arel (4.0.2)
    bcrypt (3.1.7)
    bcrypt (3.1.7-x86-mingw32)
    bootstrap-sass (3.1.1.0)
      sass (~> 3.2)
    builder (3.1.4)
    cancan (1.6.10)
    choice (0.1.6)
    coffee-rails (4.0.1)
      coffee-script (>= 2.2.0)
      railties (>= 4.0.0, < 5.0)
    coffee-script (2.2.0)
      coffee-script-source
      execjs
    coffee-script-source (1.7.0)
    daemons (1.1.9)
    devise (3.2.4)
      bcrypt (~> 3.0)
      orm_adapter (~> 0.1)
      railties (>= 3.2.6, < 5)
      thread_safe (~> 0.1)
      warden (~> 1.2.3)
    domain_name (0.5.18)
      unf (>= 0.0.5, < 1.0.0)
    erubis (2.7.0)
    eventmachine (1.0.3)
    eventmachine (1.0.3-x86-mingw32)
    execjs (2.0.2)
    factory_girl (4.4.0)
      activesupport (>= 3.0.0)
    factory_girl_rails (4.4.1)
      factory_girl (~> 4.4.0)
      railties (>= 3.0.0)
    font-awesome-rails (4.0.3.1)
      railties (>= 3.2, < 5.0)
    haml (4.0.5)
      tilt
    hashie (2.1.1)
    highline (1.6.21)
    hike (1.2.3)
    http-cookie (1.0.2)
      domain_name (~> 0.5)
    i18n (0.6.9)
    jbuilder (1.5.3)
      activesupport (>= 3.0.0)
      multi_json (>= 1.2.0)
    jquery-rails (3.1.0)
      railties (>= 3.0, < 5.0)
      thor (>= 0.14, < 2.0)
    jquery-ui-rails (4.2.1)
      railties (>= 3.2.16)
    json (1.8.1)
    kaminari (0.15.1)
      actionpack (>= 3.0.0)
      activesupport (>= 3.0.0)
    mail (2.5.4)
      mime-types (~> 1.16)
      treetop (~> 1.4.8)
    mechanize (2.7.2)
      domain_name (~> 0.5, >= 0.5.1)
      http-cookie (~> 1.0.0)
      mime-types (~> 1.17, >= 1.17.2)
      net-http-digest_auth (~> 1.1, >= 1.1.1)
      net-http-persistent (~> 2.5, >= 2.5.2)
      nokogiri (~> 1.4)
      ntlm-http (~> 0.1, >= 0.1.1)
      webrobots (>= 0.0.9, < 0.2)
    metaclass (0.0.4)
    mime-types (1.25.1)
    mini_portile (0.5.3)
    minitest (4.7.5)
    minitest-reporters (0.14.24)
      ansi
      builder
      minitest (>= 2.12, < 5.0)
      powerbar
    mocha (1.0.0)
      metaclass (~> 0.0.1)
    multi_json (1.9.2)
    mysql2 (0.3.15)
    nested_form (0.3.2)
    net-http-digest_auth (1.4)
    net-http-persistent (2.9.4)
    nokogiri (1.6.1)
      mini_portile (~> 0.5.0)
    nokogiri (1.6.1-x86-mingw32)
      mini_portile (~> 0.5.0)
    ntlm-http (0.1.1)
    options (2.3.2)
    orm_adapter (0.5.0)
    polyamorous (0.6.4)
      activerecord (>= 3.0)
    polyglot (0.3.4)
    powerbar (1.0.11)
      ansi (~> 1.4.0)
      hashie (>= 1.1.0)
    pr_geohash (1.0.0)
    progress_bar (1.0.0)
      highline (~> 1.6.1)
      options (~> 2.3.0)
    rack (1.5.2)
    rack-pjax (0.7.0)
      nokogiri (~> 1.5)
      rack (~> 1.3)
    rack-test (0.6.2)
      rack (>= 1.0)
    rails (4.0.4)
      actionmailer (= 4.0.4)
      actionpack (= 4.0.4)
      activerecord (= 4.0.4)
      activesupport (= 4.0.4)
      bundler (>= 1.3.0, < 2.0)
      railties (= 4.0.4)
      sprockets-rails (~> 2.0.0)
    rails-erd (1.1.0)
      activerecord (>= 3.0)
      activesupport (>= 3.0)
      choice (~> 0.1.6)
      ruby-graphviz (~> 1.0.4)
    rails_admin (0.6.2)
      builder (~> 3.1)
      coffee-rails (~> 4.0)
      font-awesome-rails (>= 3.0)
      haml (~> 4.0)
      jquery-rails (~> 3.0)
      jquery-ui-rails (~> 4.0)
      kaminari (~> 0.14)
      nested_form (~> 0.3)
      rack-pjax (~> 0.7)
      rails (~> 4.0)
      remotipart (~> 1.0)
      safe_yaml (~> 1.0)
      sass-rails (~> 4.0)
    railties (4.0.4)
      actionpack (= 4.0.4)
      activesupport (= 4.0.4)
      rake (>= 0.8.7)
      thor (>= 0.18.1, < 2.0)
    rake (10.3.1)
    rdoc (4.1.1)
      json (~> 1.4)
    remotipart (1.2.1)
    rsolr (1.0.10)
      builder (>= 2.1.2)
    safe_yaml (1.0.2)
    sass (3.2.19)
    sass-rails (4.0.3)
      railties (>= 4.0.0, < 5.0)
      sass (~> 3.2.0)
      sprockets (~> 2.8, <= 2.11.0)
      sprockets-rails (~> 2.0)
    sdoc (0.4.0)
      json (~> 1.8)
      rdoc (~> 4.0, < 5.0)
    sprockets (2.11.0)
      hike (~> 1.2)
      multi_json (~> 1.0)
      rack (~> 1.0)
      tilt (~> 1.1, != 1.3.0)
    sprockets-rails (2.0.1)
      actionpack (>= 3.0)
      activesupport (>= 3.0)
      sprockets (~> 2.8)
    squeel (1.1.1)
      activerecord (>= 3.0)
      activesupport (>= 3.0)
      polyamorous (~> 0.6.0)
    sunspot (2.1.0)
      pr_geohash (~> 1.0)
      rsolr (~> 1.0.7)
    sunspot_rails (2.1.0)
      nokogiri
      rails (>= 3)
      sunspot (= 2.1.0)
    sunspot_solr (2.1.0)
    thin (1.6.2)
      daemons (>= 1.0.9)
      eventmachine (>= 1.0.0)
      rack (>= 1.0.0)
    thor (0.19.1)
    thread_safe (0.3.3)
    tilt (1.4.1)
    treetop (1.4.15)
      polyglot
      polyglot (>= 0.3.1)
    turbolinks (2.2.2)
      coffee-rails
    tzinfo (0.3.39)
    uglifier (2.5.0)
      execjs (>= 0.3.0)
      json (>= 1.8.0)
    unf (0.1.4)
      unf_ext
    unf_ext (0.0.6)
    unf_ext (0.0.6-x86-mingw32)
    warden (1.2.3)
      rack (>= 1.0)
    webrobots (0.1.1)

PLATFORMS
  ruby
  x86-mingw32

DEPENDENCIES
  animate-rails
  bootstrap-sass
  cancan
  coffee-rails (~> 4.0.0)
  devise
  factory_girl_rails
  i18n-active_record!
  jbuilder (~> 1.2)
  jquery-rails
  json
  mechanize
  minitest
  minitest-reporters
  mocha
  mysql2 (= 0.3.15)
  progress_bar
  rails (= 4.0.4)
  rails-erd
  rails_admin
  ruby-graphviz!
  safe_yaml
  sass-rails (~> 4.0.0)
  sdoc
  squeel
  sunspot_rails
  sunspot_solr
  thin
  turbolinks
  uglifier (>= 1.3.0)
